GEM
  remote: https://rubygems.org/
  specs:
    chunky_png (1.2.8)
    compass (0.12.2)
      chunky_png (~> 1.2)
      fssm (>= 0.2.7)
      sass (~> 3.1)
    exifr (1.1.3)
    fspath (2.0.5)
    fssm (0.2.10)
    image_optim (0.9.0)
      exifr (~> 1.1.3)
      fspath (~> 2.0.5)
      image_size (~> 1.1.2)
      in_threads (~> 1.1.1)
      progress (~> 2.4.0)
    image_size (1.1.3)
    in_threads (1.1.2)
    oily_png (1.1.0)
      chunky_png (~> 1.2.7)
    progress (2.4.0)
    sass (3.2.10)

PLATFORMS
  x86-mingw32

DEPENDENCIES
  compass
  image_optim
  oily_png
  sass
